GEM
  remote: https://rubygems.org/
  specs:
    diff-lcs (1.2.5)
    puma (2.7.1)
      rack (>= 1.1, < 2.0)
    rack (1.5.2)
    rspec (2.14.1)
      rspec-core (~> 2.14.0)
      rspec-expectations (~> 2.14.0)
      rspec-mocks (~> 2.14.0)
    rspec-core (2.14.8)
    rspec-expectations (2.14.5)
      diff-lcs (>= 1.1.3, < 2.0)
    rspec-mocks (2.14.6)
    sqlite3 (1.3.9)

PLATFORMS
  ruby

DEPENDENCIES
  puma
  rspec
  sqlite3
